GEM
  remote: http://rubygems.org/
  specs:
    imagesize (0.1.1)
    json (1.6.5)
    rack (1.2.1)
    shotgun (0.8)
      rack (>= 1.0)
    sinatra (1.2.6)
      rack (~> 1.1)
      tilt (>= 1.2.2, < 2.0)
    tilt (1.2.2)

PLATFORMS
  ruby

DEPENDENCIES
  imagesize
  json
  shotgun
  sinatra
