GEM
  remote: http://rubygems.org/
  specs:
    coffee-script (2.1.3)
      coffee-script-source
    coffee-script-source (1.0.1)
    haml (3.0.25)
    json (1.5.1)
    rack (1.2.1)
    shotgun (0.8)
      rack (>= 1.0)
    sinatra (1.2.6)
      rack (~> 1.1)
      tilt (>= 1.2.2, < 2.0)
    therubyracer-heroku (0.8.1.pre3)
    tilt (1.2.2)

PLATFORMS
  ruby

DEPENDENCIES
  coffee-script
  coffee-script-source
  haml
  json
  shotgun
  sinatra (>= 1.1.2)
  therubyracer-heroku
